GEM
  remote: https://rubygems.org/
  specs:
    addressable (2.7.0)
      public_suffix (>= 2.0.2, < 5.0)
    git (1.6.0)
      rchardet (~> 1.8)
    launchy (2.4.3)
      addressable (~> 2.3)
    lolcommits (0.16.2)
      git (~> 1.6.0)
      launchy (~> 2.4.3)
      lolcommits-loltext (~> 0.4.0)
      mercurial-ruby (~> 0.7.12)
      methadone (~> 1.9.5)
      mini_magick (~> 4.10.1)
      open4 (~> 1.3.4)
    lolcommits-loltext (0.4.0)
    mercurial-ruby (0.7.12)
      open4 (~> 1.3.0)
    methadone (1.9.5)
      bundler
    mini_magick (4.10.1)
    open4 (1.3.4)
    public_suffix (4.0.6)
    rchardet (1.8.0)

PLATFORMS
  ruby

DEPENDENCIES
  lolcommits!

BUNDLED WITH
   2.1.4
