GEM
  remote: https://rubygems.org/
  specs:
    addressable (2.7.0)
      public_suffix (>= 2.0.2, < 5.0)
    git (1.8.1)
      rchardet (~> 1.8)
    launchy (2.5.0)
      addressable (~> 2.7)
    lolcommits (0.16.3)
      git (~> 1.8.1)
      launchy (~> 2.5.0)
      lolcommits-loltext (~> 0.4.0)
      mercurial-ruby (~> 0.7.12)
      methadone (~> 1.9.5)
      mini_magick (~> 4.11.0)
      open4 (~> 1.3.4)
    lolcommits-loltext (0.4.0)
    mercurial-ruby (0.7.12)
      open4 (~> 1.3.0)
    methadone (1.9.5)
      bundler
    mini_magick (4.11.0)
    open4 (1.3.4)
    public_suffix (4.0.6)
    rchardet (1.8.0)

PLATFORMS
  ruby

DEPENDENCIES
  lolcommits!

BUNDLED WITH
   2.1.4
